GEM
  remote: http://rubygems.org/
  remote: http://gems.github.com/
  specs:
    json (1.5.2)
    rack (1.3.0)
    rake (0.9.2)
    rspec (1.3.2)
    sinatra (1.2.6)
      rack (~> 1.1)
      tilt (>= 1.2.2, < 2.0)
    tilt (1.3.2)

PLATFORMS
  ruby

DEPENDENCIES
  json
  rake
  rspec (~> 1.3.0)
  sinatra
